PATH
  remote: ./
  specs:
    arid_cache (1.4.5)
      will_paginate (~> 3.0.1)

GEM
  remote: http://rubygems.org/
  specs:
    activemodel (3.0.10)
      activesupport (= 3.0.10)
      builder (~> 2.1.2)
      i18n (~> 0.5.0)
    activerecord (3.0.10)
      activemodel (= 3.0.10)
      activesupport (= 3.0.10)
      arel (~> 2.0.10)
      tzinfo (~> 0.3.23)
    activesupport (3.0.10)
    arel (2.0.10)
    builder (2.1.2)
    columnize (0.3.4)
    diff-lcs (1.1.3)
    faker (0.9.5)
      i18n (~> 0.4)
    git (1.2.5)
    hoe (2.12.3)
      rake (~> 0.8)
    i18n (0.5.0)
    jeweler (1.6.4)
      bundler (~> 1.0)
      git (>= 1.2.5)
      rake
    linecache (0.46)
      rbx-require-relative (> 0.0.4)
    machinist (1.0.6)
    rack (1.3.3)
    rake (0.9.2)
    rbx-require-relative (0.0.5)
    rr (1.0.4)
    rspec (2.6.0)
      rspec-core (~> 2.6.0)
      rspec-expectations (~> 2.6.0)
      rspec-mocks (~> 2.6.0)
    rspec-core (2.6.4)
    rspec-expectations (2.6.0)
      diff-lcs (~> 1.1.2)
    rspec-mocks (2.6.0)
    ruby-debug (0.10.3)
      columnize (>= 0.1)
      ruby-debug-base (~> 0.10.3.0)
    ruby-debug-base (0.10.3)
      linecache (>= 0.3)
    sqlite3-ruby (1.3.1)
    test-unit (1.2.3)
      hoe (>= 1.5.1)
    tzinfo (0.3.29)
    will_paginate (3.0.1)

PLATFORMS
  ruby

DEPENDENCIES
  activerecord (~> 3.0.10)
  activesupport (~> 3.0.10)
  arid_cache!
  faker (= 0.9.5)
  i18n
  jeweler (>= 1.6.4)
  machinist (= 1.0.6)
  rack
  rr (~> 1.0.2)
  rspec (~> 2)
  ruby-debug (= 0.10.3)
  ruby-debug-base (= 0.10.3)
  sqlite3-ruby (= 1.3.1)
  test-unit (= 1.2.3)
  will_paginate (~> 3.0.1)
